GIT
  remote: https://github.com/tstaetter/nanites
  revision: 176709a05ca9972b77e3742e813a2ca657f634f4
  branch: main
  specs:
    nanites (0.0.1)

GEM
  remote: https://rubygems.org/
  specs:
    addressable (2.8.0)
      public_suffix (>= 2.0.2, < 5.0)
    async (1.30.1)
      console (~> 1.10)
      nio4r (~> 2.3)
      timers (~> 4.1)
    async-container (0.16.12)
      async
      async-io
    async-http (0.56.5)
      async (>= 1.25)
      async-io (>= 1.28)
      async-pool (>= 0.2)
      protocol-http (~> 0.22.0)
      protocol-http1 (~> 0.14.0)
      protocol-http2 (~> 0.14.0)
    async-http-cache (0.4.2)
      async-http (~> 0.56)
    async-io (1.32.2)
      async
    async-pool (0.3.9)
      async (>= 1.25)
    build-environment (1.13.0)
    console (1.14.0)
      fiber-local
    diff-lcs (1.4.4)
    docile (1.4.0)
    dotenv (2.7.6)
    falcon (0.39.2)
      async
      async-container (~> 0.16.0)
      async-http (~> 0.56.0)
      async-http-cache (~> 0.4.0)
      async-io (~> 1.22)
      build-environment (~> 1.13)
      bundler
      localhost (~> 1.1)
      process-metrics (~> 0.2.0)
      rack (>= 1.0)
      samovar (~> 2.1)
    fiber-local (1.0.0)
    json-schema (2.8.1)
      addressable (>= 2.4)
    localhost (1.1.9)
    mapping (1.1.1)
    mustermann (1.1.1)
      ruby2_keywords (~> 0.0.1)
    nio4r (2.5.8)
    process-metrics (0.2.1)
      console (~> 1.8)
      samovar (~> 2.1)
    protocol-hpack (1.4.2)
    protocol-http (0.22.5)
    protocol-http1 (0.14.2)
      protocol-http (~> 0.22)
    protocol-http2 (0.14.2)
      protocol-hpack (~> 1.4)
      protocol-http (~> 0.18)
    public_suffix (4.0.6)
    rack (2.2.3)
    rack-protection (2.1.0)
      rack
    rack-test (1.1.0)
      rack (>= 1.0, < 3)
    redis (4.5.1)
    rspec (3.10.0)
      rspec-core (~> 3.10.0)
      rspec-expectations (~> 3.10.0)
      rspec-mocks (~> 3.10.0)
    rspec-core (3.10.1)
      rspec-support (~> 3.10.0)
    rspec-expectations (3.10.1)
      diff-lcs (>= 1.2.0, < 2.0)
      rspec-support (~> 3.10.0)
    rspec-mocks (3.10.2)
      diff-lcs (>= 1.2.0, < 2.0)
      rspec-support (~> 3.10.0)
    rspec-support (3.10.3)
    ruby2_keywords (0.0.5)
    samovar (2.1.4)
      console (~> 1.0)
      mapping (~> 1.0)
    simplecov (0.21.2)
      docile (~> 1.1)
      simplecov-html (~> 0.11)
      simplecov_json_formatter (~> 0.1)
    simplecov-html (0.12.3)
    simplecov_json_formatter (0.1.3)
    sinatra (2.1.0)
      mustermann (~> 1.0)
      rack (~> 2.2)
      rack-protection (= 2.1.0)
      tilt (~> 2.0)
    tilt (2.0.10)
    timers (4.3.3)

PLATFORMS
  ruby

DEPENDENCIES
  dotenv
  falcon (~> 0.39.2)
  json-schema (~> 2.8, >= 2.8.1)
  nanites!
  rack-test
  redis (~> 4.5, >= 4.5.1)
  rspec
  simplecov
  sinatra (~> 2.1)

BUNDLED WITH
   2.1.4
